GEM
  remote: https://rubygems.org/
  specs:
    actionmailer (4.0.0)
      actionpack (= 4.0.0)
      mail (~> 2.5.3)
    actionpack (4.0.0)
      activesupport (= 4.0.0)
      builder (~> 3.1.0)
      erubis (~> 2.7.0)
      rack (~> 1.5.2)
      rack-test (~> 0.6.2)
    activemodel (4.0.0)
      activesupport (= 4.0.0)
      builder (~> 3.1.0)
    activerecord (4.0.0)
      activemodel (= 4.0.0)
      activerecord-deprecated_finders (~> 1.0.2)
      activesupport (= 4.0.0)
      arel (~> 4.0.0)
    activerecord-deprecated_finders (1.0.3)
    activesupport (4.0.0)
      i18n (~> 0.6, >= 0.6.4)
      minitest (~> 4.2)
      multi_json (~> 1.3)
      thread_safe (~> 0.1)
      tzinfo (~> 0.3.37)
    arel (4.0.0)
    atomic (1.1.14)
    backbone-rails (1.1.0)
      rails (>= 3.0.0)
    bcrypt-ruby (3.1.1)
    builder (3.1.4)
    cancan (1.6.10)
    capistrano (3.2.1)
      i18n
      rake (>= 10.0.0)
      sshkit (~> 1.3)
    capistrano-rvm (0.1.1)
      capistrano (~> 3.0)
      sshkit (~> 1.2)
    coffee-script (2.2.0)
      coffee-script-source
      execjs
    coffee-script-source (1.6.3)
    country_select (1.2.0)
    daemons (1.1.9)
    dalli (2.7.2)
    devise (3.0.0.rc)
      bcrypt-ruby (~> 3.0)
      orm_adapter (~> 0.1)
      railties (>= 3.2.6, < 5)
      warden (~> 1.2.1)
    devise-i18n (0.8.5)
    diff-lcs (1.2.5)
    erubis (2.7.0)
    eventmachine (1.0.3)
    execjs (1.4.0)
      multi_json (~> 1.0)
    hike (1.2.3)
    i18n (0.6.5)
    jquery-rails (3.0.4)
      railties (>= 3.0, < 5.0)
      thor (>= 0.14, < 2.0)
    jquery-ui-rails (4.0.3)
      jquery-rails
      railties (>= 3.1.0)
    kaminari (0.15.1)
      actionpack (>= 3.0.0)
      activesupport (>= 3.0.0)
    kaminari-bootstrap (0.1.3)
      kaminari (>= 0.13.0)
      rails
    magic_encoding (0.0.2)
    mail (2.5.4)
      mime-types (~> 1.16)
      treetop (~> 1.4.8)
    mime-types (1.25)
    minitest (4.7.5)
    multi_json (1.8.0)
    mysql2 (0.3.11)
    net-scp (1.2.0)
      net-ssh (>= 2.6.5)
    net-ssh (2.8.0)
    orm_adapter (0.4.0)
    polyglot (0.3.3)
    protected_attributes (1.0.3)
      activemodel (>= 4.0.0, < 5.0)
    quiet_assets (1.0.2)
      railties (>= 3.1, < 5.0)
    rack (1.5.2)
    rack-test (0.6.2)
      rack (>= 1.0)
    rails (4.0.0)
      actionmailer (= 4.0.0)
      actionpack (= 4.0.0)
      activerecord (= 4.0.0)
      activesupport (= 4.0.0)
      bundler (>= 1.3.0, < 2.0)
      railties (= 4.0.0)
      sprockets-rails (~> 2.0.0)
    rails-i18n (4.0.2)
      i18n (~> 0.6)
      rails (>= 4.0)
    railties (4.0.0)
      actionpack (= 4.0.0)
      activesupport (= 4.0.0)
      rake (>= 0.8.7)
      thor (>= 0.18.1, < 2.0)
    rake (10.1.0)
    rspec (2.14.1)
      rspec-core (~> 2.14.0)
      rspec-expectations (~> 2.14.0)
      rspec-mocks (~> 2.14.0)
    rspec-core (2.14.8)
    rspec-expectations (2.14.5)
      diff-lcs (>= 1.1.3, < 2.0)
    rspec-mocks (2.14.6)
    sass (3.2.10)
    sprockets (2.10.0)
      hike (~> 1.2)
      multi_json (~> 1.0)
      rack (~> 1.0)
      tilt (~> 1.1, != 1.3.0)
    sprockets-rails (2.0.0)
      actionpack (>= 3.0)
      activesupport (>= 3.0)
      sprockets (~> 2.8)
    sshkit (1.4.0)
      net-scp (>= 1.1.2)
      net-ssh (>= 2.8.0)
      term-ansicolor
    term-ansicolor (1.3.0)
      tins (~> 1.0)
    thin (1.5.1)
      daemons (>= 1.0.9)
      eventmachine (>= 0.12.6)
      rack (>= 1.0.0)
    thor (0.18.1)
    thread_safe (0.1.3)
      atomic
    tilt (1.4.1)
    tins (1.3.0)
    treetop (1.4.14)
      polyglot
      polyglot (>= 0.3.1)
    tzinfo (0.3.37)
    uglifier (2.1.1)
      execjs (>= 0.3.0)
      multi_json (~> 1.0, >= 1.0.2)
    warden (1.2.1)
      rack (>= 1.0)

PLATFORMS
  ruby

DEPENDENCIES
  backbone-rails (~> 1.1.0)
  cancan
  capistrano (~> 3.2.1)
  capistrano-rvm
  coffee-script
  country_select (= 1.2.0)
  dalli
  devise (= 3.0.0.rc)
  devise-i18n
  jquery-rails
  jquery-ui-rails
  kaminari
  kaminari-bootstrap (~> 0.1.3)
  magic_encoding
  mysql2 (~> 0.3.0)
  protected_attributes
  quiet_assets
  rails (= 4.0.0)
  rails-i18n (~> 4.0.0)
  rspec
  sass
  thin
  uglifier (>= 1.0.3)
